GIT
  remote: git://github.com/msievers/servizio.git
  revision: 9cf93e87d39263d02c3749dfc0cba6a826acac9a
  branch: master
  specs:
    servizio (0.4.1)
      activemodel (>= 4.0.0)

GIT
  remote: git://github.com/msievers/weak_xml.git
  revision: afa7837bd15853d5656fba3175062a670fd5fb50
  branch: master
  specs:
    weak_xml (0.3.0)

GIT
  remote: git://github.com/ubpb/aleph_api.git
  revision: 124d82ff73f9d623c6b2ee571e882f039cbed21b
  branch: master
  specs:
    aleph_api (0.1.0)
      activesupport
      faraday

PATH
  remote: ../skala/adapter
  specs:
    skala-adapter (1.0.0)
      activesupport (>= 4.2.0, < 5.0.0)
      mighty_tap (>= 0.5.0, < 1.0.0)

PATH
  remote: ../skala/adapter-aleph
  specs:
    skala-aleph_adapter (1.0.0)
      activesupport (>= 4.2.0, < 5.0.0)
      aleph_api
      badgerfish
      ensure_array (>= 0.1.0)
      mighty_tap (>= 0.5.0, < 1.0.0)
      nokogiri
      skala-adapter (= 1.0.0)
      weak_xml

PATH
  remote: ../skala/adapter-elasticsearch
  specs:
    skala-elasticsearch_adapter (1.0.0)
      activesupport (>= 4.2.0, < 5.0.0)
      elasticsearch (>= 1.0.0, < 2.0.0)
      skala-adapter (= 1.0.0)

PATH
  remote: ../skala/frontend
  specs:
    skala-frontend (1.0.0)
      bcrypt (~> 3.1.7)
      bibtex-ruby (~> 4.0.3)
      bootstrap-sass (~> 3.3.4)
      browser (~> 0.8.0)
      cancancan (~> 1.9.2)
      coffee-rails (~> 4.1.0)
      dalli (~> 2.7.2)
      draper (~> 1.4.0)
      font-awesome-rails (~> 4.3.0.0)
      hashie (>= 3.4.0)
      isbn (~> 2.0.10)
      jbuilder (~> 2.2.2)
      jquery-rails (~> 4.0.3)
      jquery-tablesorter (~> 1.12.8)
      jquery-turbolinks (~> 2.1.0)
      jquery-ui-rails (~> 5.0.3)
      rails (~> 4.2.0)
      rails-html-sanitizer (~> 1.0.1)
      rails-i18n (~> 4.0.3)
      react-rails (~> 1.0.0)
      roadie-rails (~> 1.0.2)
      sass-rails (~> 5.0.1)
      simple_form (~> 3.1.0)
      skala-adapter (= 1.0.0)
      slim (~> 3.0.1)
      sprockets-coffee-react (~> 3.0.0)
      turbolinks (~> 2.5.2)
      uglifier (~> 2.5.3)
      uservoice-ruby (~> 0.0.11)

GEM
  remote: https://rubygems.org/
  remote: https://rails-assets.org/
  specs:
    actionmailer (4.2.4)
      actionpack (= 4.2.4)
      actionview (= 4.2.4)
      activejob (= 4.2.4)
      mail (~> 2.5, >= 2.5.4)
      rails-dom-testing (~> 1.0, >= 1.0.5)
    actionpack (4.2.4)
      actionview (= 4.2.4)
      activesupport (= 4.2.4)
      rack (~> 1.6)
      rack-test (~> 0.6.2)
      rails-dom-testing (~> 1.0, >= 1.0.5)
      rails-html-sanitizer (~> 1.0, >= 1.0.2)
    actionview (4.2.4)
      activesupport (= 4.2.4)
      builder (~> 3.1)
      erubis (~> 2.7.0)
      rails-dom-testing (~> 1.0, >= 1.0.5)
      rails-html-sanitizer (~> 1.0, >= 1.0.2)
    activejob (4.2.4)
      activesupport (= 4.2.4)
      globalid (>= 0.3.0)
    activemodel (4.2.4)
      activesupport (= 4.2.4)
      builder (~> 3.1)
    activerecord (4.2.4)
      activemodel (= 4.2.4)
      activesupport (= 4.2.4)
      arel (~> 6.0)
    activesupport (4.2.4)
      i18n (~> 0.7)
      json (~> 1.7, >= 1.7.7)
      minitest (~> 5.1)
      thread_safe (~> 0.3, >= 0.3.4)
      tzinfo (~> 1.1)
    addressable (2.3.8)
    arel (6.0.3)
    autoprefixer-rails (6.0.2)
      execjs
      json
    badgerfish (0.2.1)
      htmlentities
      ox (>= 2.1.1)
    bcrypt (3.1.10)
    bibtex-ruby (4.0.14)
      latex-decode (~> 0.0)
    binding_of_caller (0.7.2)
      debug_inspector (>= 0.0.1)
    bootstrap-sass (3.3.5.1)
      autoprefixer-rails (>= 5.0.0.1)
      sass (>= 3.3.0)
    browser (0.8.0)
    builder (3.2.2)
    byebug (2.7.0)
      columnize (~> 0.3)
      debugger-linecache (~> 1.2)
    cancancan (1.9.2)
    capistrano (3.4.0)
      i18n
      rake (>= 10.0.0)
      sshkit (~> 1.3)
    capistrano-bundler (1.1.4)
      capistrano (~> 3.1)
      sshkit (~> 1.2)
    capistrano-rails (1.1.3)
      capistrano (~> 3.1)
      capistrano-bundler (~> 1.1)
    capistrano-rvm (0.1.2)
      capistrano (~> 3.0)
      sshkit (~> 1.2)
    capybara (2.4.4)
      mime-types (>= 1.16)
      nokogiri (>= 1.3.3)
      rack (>= 1.0.0)
      rack-test (>= 0.5.4)
      xpath (~> 2.0)
    cliver (0.3.2)
    codeclimate-test-reporter (0.4.8)
      simplecov (>= 0.7.1, < 1.0.0)
    coderay (1.1.0)
    coffee-rails (4.1.0)
      coffee-script (>= 2.2.0)
      railties (>= 4.0.0, < 5.0)
    coffee-react (3.0.1)
      execjs
    coffee-script (2.4.1)
      coffee-script-source
      execjs
    coffee-script-source (1.9.1.1)
    colorize (0.7.7)
    columnize (0.9.0)
    connection_pool (2.2.0)
    css_parser (1.3.6)
      addressable
    dalli (2.7.4)
    database_cleaner (1.3.0)
    debug_inspector (0.0.2)
    debugger-linecache (1.2.0)
    diff-lcs (1.2.5)
    docile (1.1.5)
    dotenv (1.0.2)
    dotenv-rails (1.0.2)
      dotenv (= 1.0.2)
    draper (1.4.0)
      actionpack (>= 3.0)
      activemodel (>= 3.0)
      activesupport (>= 3.0)
      request_store (~> 1.0)
    elasticsearch (1.0.13)
      elasticsearch-api (= 1.0.13)
      elasticsearch-transport (= 1.0.13)
    elasticsearch-api (1.0.13)
      multi_json
    elasticsearch-transport (1.0.13)
      faraday
      multi_json
    ensure_array (0.1.0)
    erubis (2.7.0)
    execjs (2.6.0)
    ezcrypto (0.7.2)
    faraday (0.9.1)
      multipart-post (>= 1.2, < 3)
    font-awesome-rails (4.3.0.0)
      railties (>= 3.2, < 5.0)
    globalid (0.3.6)
      activesupport (>= 4.1.0)
    hashie (3.4.2)
    htmlentities (4.3.4)
    i18n (0.7.0)
    interception (0.5)
    isbn (2.0.10)
    jbuilder (2.2.16)
      activesupport (>= 3.0.0, < 5)
      multi_json (~> 1.2)
    jquery-rails (4.0.5)
      rails-dom-testing (~> 1.0)
      railties (>= 4.2.0)
      thor (>= 0.14, < 2.0)
    jquery-tablesorter (1.12.8)
      railties (>= 3.1, < 5)
    jquery-turbolinks (2.1.0)
      railties (>= 3.1.0)
      turbolinks
    jquery-ui-rails (5.0.5)
      railties (>= 3.2.16)
    json (1.8.3)
    latex-decode (0.2.2)
      unicode (~> 0.4)
    launchy (2.4.3)
      addressable (~> 2.3)
    letter_opener (1.2.0)
      launchy (~> 2.2)
    loofah (2.0.3)
      nokogiri (>= 1.5.9)
    mail (2.6.3)
      mime-types (>= 1.16, < 3)
    method_source (0.8.2)
    mighty_tap (0.5.0)
    mime-types (2.6.2)
    mini_portile (0.6.2)
    minitest (5.8.0)
    multi_json (1.11.2)
    multipart-post (2.0.0)
    net-scp (1.2.1)
      net-ssh (>= 2.6.5)
    net-ssh (2.9.2)
    newrelic_rpm (3.13.0.299)
    nokogiri (1.6.6.2)
      mini_portile (~> 0.6.0)
    oauth (0.4.7)
    ox (2.2.1)
    poltergeist (1.5.1)
      capybara (~> 2.1)
      cliver (~> 0.3.1)
      multi_json (~> 1.0)
      websocket-driver (>= 0.2.0)
    pry (0.9.12.6)
      coderay (~> 1.0)
      method_source (~> 0.8)
      slop (~> 3.4)
    pry-byebug (1.3.2)
      byebug (~> 2.7)
      pry (~> 0.9.12)
    pry-rails (0.3.4)
      pry (>= 0.9.10)
    pry-rescue (1.4.2)
      interception (>= 0.5)
      pry
    pry-stack_explorer (0.4.9.2)
      binding_of_caller (>= 0.7)
      pry (>= 0.9.11)
    pry-syntax-hacks (0.0.6)
      pry (>= 0.9.8)
    puma (2.9.2)
      rack (>= 1.1, < 2.0)
    quiet_assets (1.0.3)
      railties (>= 3.1, < 5.0)
    rack (1.6.4)
    rack-test (0.6.3)
      rack (>= 1.0)
    rails (4.2.4)
      actionmailer (= 4.2.4)
      actionpack (= 4.2.4)
      actionview (= 4.2.4)
      activejob (= 4.2.4)
      activemodel (= 4.2.4)
      activerecord (= 4.2.4)
      activesupport (= 4.2.4)
      bundler (>= 1.3.0, < 2.0)
      railties (= 4.2.4)
      sprockets-rails
    rails-assets-eventEmitter (4.2.11)
    rails-assets-eventie (1.0.6)
    rails-assets-imagesloaded (3.1.8)
      rails-assets-eventEmitter (~> 4.0)
      rails-assets-eventie (>= 1.0.4, < 2)
    rails-assets-json3 (3.3.2)
    rails-assets-jspath (0.3.2)
    rails-assets-lodash-compat (3.0.1)
    rails-assets-matchHeight (0.5.2)
    rails-deprecated_sanitizer (1.0.3)
      activesupport (>= 4.2.0.alpha)
    rails-dom-testing (1.0.7)
      activesupport (>= 4.2.0.beta, < 5.0)
      nokogiri (~> 1.6.0)
      rails-deprecated_sanitizer (>= 1.0.1)
    rails-html-sanitizer (1.0.2)
      loofah (~> 2.0)
    rails-i18n (4.0.5)
      i18n (~> 0.6)
      railties (~> 4.0)
    railties (4.2.4)
      actionpack (= 4.2.4)
      activesupport (= 4.2.4)
      rake (>= 0.8.7)
      thor (>= 0.18.1, < 2.0)
    rake (10.4.2)
    react-rails (1.0.0)
      coffee-script-source (~> 1.8)
      connection_pool
      execjs
      rails (>= 3.1)
      react-source (~> 0.13)
    react-source (0.13.3)
    request_store (1.2.0)
    roadie (3.0.5)
      css_parser (~> 1.3.4)
      nokogiri (~> 1.6.0)
    roadie-rails (1.0.6)
      railties (>= 3.0, < 4.3)
      roadie (~> 3.0)
    rspec-core (3.1.7)
      rspec-support (~> 3.1.0)
    rspec-expectations (3.1.2)
      diff-lcs (>= 1.2.0, < 2.0)
      rspec-support (~> 3.1.0)
    rspec-mocks (3.1.3)
      rspec-support (~> 3.1.0)
    rspec-rails (3.1.0)
      actionpack (>= 3.0)
      activesupport (>= 3.0)
      railties (>= 3.0)
      rspec-core (~> 3.1.0)
      rspec-expectations (~> 3.1.0)
      rspec-mocks (~> 3.1.0)
      rspec-support (~> 3.1.0)
    rspec-support (3.1.2)
    sass (3.4.18)
    sass-rails (5.0.4)
      railties (>= 4.0.0, < 5.0)
      sass (~> 3.1)
      sprockets (>= 2.8, < 4.0)
      sprockets-rails (>= 2.0, < 4.0)
      tilt (>= 1.1, < 3)
    simple_form (3.1.1)
      actionpack (~> 4.0)
      activemodel (~> 4.0)
    simplecov (0.9.2)
      docile (~> 1.1.0)
      multi_json (~> 1.0)
      simplecov-html (~> 0.9.0)
    simplecov-html (0.9.0)
    slim (3.0.6)
      temple (~> 0.7.3)
      tilt (>= 1.3.3, < 2.1)
    slop (3.6.0)
    sprockets (3.3.4)
      rack (~> 1.0)
    sprockets-coffee-react (3.0.1)
      coffee-react (>= 3.0.1)
      coffee-script
      sprockets
      tilt
    sprockets-rails (2.3.3)
      actionpack (>= 3.0)
      activesupport (>= 3.0)
      sprockets (>= 2.8, < 4.0)
    sqlite3 (1.3.10)
    sshkit (1.7.1)
      colorize (>= 0.7.0)
      net-scp (>= 1.1.2)
      net-ssh (>= 2.8.0)
    temple (0.7.6)
    thor (0.19.1)
    thread_safe (0.3.5)
    tilt (2.0.1)
    turbolinks (2.5.3)
      coffee-rails
    tzinfo (1.2.2)
      thread_safe (~> 0.1)
    uglifier (2.5.3)
      execjs (>= 0.3.0)
      json (>= 1.8.0)
    unicode (0.4.4.2)
    uservoice-ruby (0.0.11)
      ezcrypto (>= 0.7.2)
      json (>= 1.7.5)
      oauth (>= 0.4.7)
    websocket-driver (0.6.2)
      websocket-extensions (>= 0.1.0)
    websocket-extensions (0.1.2)
    xpath (2.0.0)
      nokogiri (~> 1.3)

PLATFORMS
  ruby

DEPENDENCIES
  aleph_api!
  capistrano (~> 3.4.0)
  capistrano-bundler (~> 1.1.4)
  capistrano-rails (~> 1.1.2)
  capistrano-rvm (~> 0.1.2)
  capybara (~> 2.4.4)
  codeclimate-test-reporter (~> 0.4.5)
  database_cleaner (~> 1.3.0)
  dotenv-rails (~> 1.0.2)
  letter_opener (~> 1.2.0)
  newrelic_rpm (>= 3.9)
  poltergeist (~> 1.5.1)
  pry (~> 0.9.12.6)
  pry-byebug (<= 1.3.2)
  pry-rails (~> 0.3.2)
  pry-rescue (~> 1.4.1)
  pry-stack_explorer (~> 0.4.9.1)
  pry-syntax-hacks (~> 0.0.6)
  puma (~> 2.9.0)
  quiet_assets (~> 1.0.3)
  rails (= 4.2.4)
  rails-assets-imagesloaded (~> 3.1.8)!
  rails-assets-json3 (~> 3.3.2)!
  rails-assets-jspath (~> 0.3.0)!
  rails-assets-lodash-compat (~> 3.0.0)!
  rails-assets-matchHeight (~> 0.5.2)!
  rspec-rails (~> 3.1.0)
  servizio!
  simplecov (~> 0.9.1)
  skala-adapter!
  skala-aleph_adapter!
  skala-elasticsearch_adapter!
  skala-frontend!
  sqlite3 (~> 1.3.9)
  weak_xml!

BUNDLED WITH
   1.10.6
