GIT
  remote: git://github.com/intridea/hashie.git
  revision: f29b37e8ed03017369daa62deea30c45a1165668
  branch: master
  specs:
    hashie (3.4.0)

GIT
  remote: git://github.com/msievers/servizio.git
  revision: 63b330c9efdc0b0ce4719b7c995e8687ceccf4b7
  branch: master
  specs:
    servizio (0.4.0)
      activemodel (>= 4.0.0)

GIT
  remote: git://github.com/ubpb/celsius-amazon.git
  revision: 1255bf8471786d7ea729edfbe5aebb749ac79fe7
  branch: master
  specs:
    celsius-amazon (0.0.1)
      amazon-ecs
      hashie

GIT
  remote: git://github.com/ubpb/celsius-elasticsearch.git
  revision: 74322b66757d6a7076db3f5a16fc62902f3e5601
  branch: master
  specs:
    celsius-elasticsearch (0.1.0)
      activesupport
      elasticsearch (>= 1.0.0)

GIT
  remote: git://github.com/ubpb/celsius-primo.git
  revision: bbd03d5aa11452fb1fa9435824785b0b9252c1d0
  branch: master
  specs:
    celsius-primo (0.1.4)
      activesupport
      celsius (>= 0.4.3)
      hashie
      httpi (>= 2.1.0, < 3.0.0)
      ox (>= 2.1.0)
      skala

GIT
  remote: git://github.com/ubpb/celsius-primo_ubpb.git
  revision: 5cc274f1022d18c3faf401877c9db0167b55e9dd
  branch: master
  specs:
    celsius-primo_ubpb (0.2.0)
      activesupport
      celsius-primo
      hashie
      skala

GIT
  remote: git://github.com/ubpb/celsius.git
  revision: f852c18d3aa7e8781c39bb007164e1e5323e1c0e
  branch: master
  specs:
    celsius (0.5.0)

GIT
  remote: git://github.com/ubpb/fahrenheit-aleph.git
  revision: 406ad1128e35d03b39d799ad817ee1f4ebe6e732
  branch: master
  specs:
    fahrenheit-aleph (0.0.1)
      badgerfish
      fahrenheit
      httpi (>= 2.3.0, < 3.0.0)
      nokogiri (>= 1.6.0, < 2.0.0)
      ox
      skala

GIT
  remote: git://github.com/ubpb/fahrenheit-aleph_ubpb.git
  revision: cc17490d263541fe06e0974f31d2925b1f23d62a
  branch: master
  specs:
    fahrenheit-aleph_ubpb (0.0.1)
      fahrenheit-aleph
      skala

GIT
  remote: git://github.com/ubpb/fahrenheit-loopback.git
  revision: 94e159b25a9f76db4314ad9888017a96390529e8
  branch: master
  specs:
    fahrenheit-loopback (0.0.1)

GIT
  remote: git://github.com/ubpb/fahrenheit.git
  revision: 2e7abfb8bdcface311309b6a42bb1fa6b831fa01
  branch: master
  specs:
    fahrenheit (0.1.0)
      multi_json (>= 1.9.0)
      skala

GIT
  remote: git://github.com/ubpb/katalog.git
  revision: 723874513ddba0a69c31970acf4d5b5bf9505e74
  branch: master
  specs:
    katalog (2.0.0.dev)
      bcrypt (~> 3.1.7)
      bibtex-ruby (~> 4.0.3)
      bootstrap-sass (~> 3.3.4)
      cancancan (~> 1.9.2)
      coffee-rails (~> 4.1.0)
      dalli (~> 2.7.2)
      draper (~> 1.4.0)
      font-awesome-rails (~> 4.3.0.0)
      hashie (>= 3.4.0)
      isbn (~> 2.0.10)
      jbuilder (~> 2.2.2)
      jquery-rails (~> 4.0.3)
      jquery-tablesorter (~> 1.12.8)
      jquery-turbolinks (~> 2.1.0)
      jquery-ui-rails (~> 5.0.3)
      object_thru (>= 0.0.1)
      rails (~> 4.2.0)
      rails-html-sanitizer (~> 1.0.1)
      rails-i18n (~> 4.0.3)
      roadie-rails (~> 1.0.2)
      sass-rails (~> 5.0.1)
      simple_form (~> 3.1.0)
      slim (~> 3.0.1)
      turbolinks (~> 2.5.2)
      uglifier (~> 2.5.3)
      uservoice-ruby (~> 0.0.11)

GIT
  remote: git://github.com/ubpb/skala.git
  revision: 19d92c654924b0f1b4f03f54609c5f8b4d29b290
  branch: master
  specs:
    skala (0.0.1)

GEM
  remote: https://rubygems.org/
  remote: https://rails-assets.org/
  specs:
    actionmailer (4.2.1)
      actionpack (= 4.2.1)
      actionview (= 4.2.1)
      activejob (= 4.2.1)
      mail (~> 2.5, >= 2.5.4)
      rails-dom-testing (~> 1.0, >= 1.0.5)
    actionpack (4.2.1)
      actionview (= 4.2.1)
      activesupport (= 4.2.1)
      rack (~> 1.6)
      rack-test (~> 0.6.2)
      rails-dom-testing (~> 1.0, >= 1.0.5)
      rails-html-sanitizer (~> 1.0, >= 1.0.1)
    actionview (4.2.1)
      activesupport (= 4.2.1)
      builder (~> 3.1)
      erubis (~> 2.7.0)
      rails-dom-testing (~> 1.0, >= 1.0.5)
      rails-html-sanitizer (~> 1.0, >= 1.0.1)
    activejob (4.2.1)
      activesupport (= 4.2.1)
      globalid (>= 0.3.0)
    activemodel (4.2.1)
      activesupport (= 4.2.1)
      builder (~> 3.1)
    activerecord (4.2.1)
      activemodel (= 4.2.1)
      activesupport (= 4.2.1)
      arel (~> 6.0)
    activesupport (4.2.1)
      i18n (~> 0.7)
      json (~> 1.7, >= 1.7.7)
      minitest (~> 5.1)
      thread_safe (~> 0.3, >= 0.3.4)
      tzinfo (~> 1.1)
    addressable (2.3.8)
    amazon-ecs (2.3.0)
      nokogiri (~> 1.4)
      ruby-hmac (~> 0.3)
    arel (6.0.0)
    autoprefixer-rails (5.1.8)
      execjs
      json
    badgerfish (0.2.0)
      htmlentities
      ox (>= 2.1.1)
    bcrypt (3.1.10)
    bibtex-ruby (4.0.12)
      latex-decode (~> 0.0)
    binding_of_caller (0.7.2)
      debug_inspector (>= 0.0.1)
    bootstrap-sass (3.3.4.1)
      autoprefixer-rails (>= 5.0.0.1)
      sass (>= 3.2.19)
    builder (3.2.2)
    byebug (2.7.0)
      columnize (~> 0.3)
      debugger-linecache (~> 1.2)
    cancancan (1.9.2)
    capistrano (3.4.0)
      i18n
      rake (>= 10.0.0)
      sshkit (~> 1.3)
    capistrano-bundler (1.1.4)
      capistrano (~> 3.1)
      sshkit (~> 1.2)
    capistrano-rails (1.1.2)
      capistrano (~> 3.1)
      capistrano-bundler (~> 1.1)
    capistrano-rvm (0.1.2)
      capistrano (~> 3.0)
      sshkit (~> 1.2)
    capybara (2.4.4)
      mime-types (>= 1.16)
      nokogiri (>= 1.3.3)
      rack (>= 1.0.0)
      rack-test (>= 0.5.4)
      xpath (~> 2.0)
    cliver (0.3.2)
    codeclimate-test-reporter (0.4.7)
      simplecov (>= 0.7.1, < 1.0.0)
    coderay (1.1.0)
    coffee-rails (4.1.0)
      coffee-script (>= 2.2.0)
      railties (>= 4.0.0, < 5.0)
    coffee-script (2.3.0)
      coffee-script-source
      execjs
    coffee-script-source (1.9.1)
    colorize (0.7.5)
    columnize (0.9.0)
    css_parser (1.3.6)
      addressable
    dalli (2.7.4)
    database_cleaner (1.3.0)
    debug_inspector (0.0.2)
    debugger-linecache (1.2.0)
    diff-lcs (1.2.5)
    docile (1.1.5)
    dotenv (1.0.2)
    dotenv-rails (1.0.2)
      dotenv (= 1.0.2)
    draper (1.4.0)
      actionpack (>= 3.0)
      activemodel (>= 3.0)
      activesupport (>= 3.0)
      request_store (~> 1.0)
    elasticsearch (1.0.8)
      elasticsearch-api (= 1.0.7)
      elasticsearch-transport (= 1.0.7)
    elasticsearch-api (1.0.7)
      multi_json
    elasticsearch-transport (1.0.7)
      faraday
      multi_json
    erubis (2.7.0)
    execjs (2.4.0)
    ezcrypto (0.7.2)
    faraday (0.9.1)
      multipart-post (>= 1.2, < 3)
    font-awesome-rails (4.3.0.0)
      railties (>= 3.2, < 5.0)
    globalid (0.3.3)
      activesupport (>= 4.1.0)
    hike (1.2.3)
    htmlentities (4.3.3)
    httpi (2.3.0)
      rack
    i18n (0.7.0)
    interception (0.5)
    isbn (2.0.10)
    jbuilder (2.2.12)
      activesupport (>= 3.0.0, < 5)
      multi_json (~> 1.2)
    jquery-rails (4.0.3)
      rails-dom-testing (~> 1.0)
      railties (>= 4.2.0)
      thor (>= 0.14, < 2.0)
    jquery-tablesorter (1.12.8)
      railties (>= 3.1, < 5)
    jquery-turbolinks (2.1.0)
      railties (>= 3.1.0)
      turbolinks
    jquery-ui-rails (5.0.3)
      railties (>= 3.2.16)
    json (1.8.2)
    latex-decode (0.2.1)
      unicode (~> 0.4)
    launchy (2.4.3)
      addressable (~> 2.3)
    letter_opener (1.2.0)
      launchy (~> 2.2)
    loofah (2.0.1)
      nokogiri (>= 1.5.9)
    mail (2.6.3)
      mime-types (>= 1.16, < 3)
    method_source (0.8.2)
    mime-types (2.4.3)
    mini_portile (0.6.2)
    minitest (5.5.1)
    multi_json (1.11.0)
    multipart-post (2.0.0)
    net-scp (1.2.1)
      net-ssh (>= 2.6.5)
    net-ssh (2.9.2)
    newrelic_rpm (3.11.1.284)
    nokogiri (1.6.6.2)
      mini_portile (~> 0.6.0)
    oauth (0.4.7)
    object_thru (0.0.1)
    ox (2.1.8)
    poltergeist (1.5.1)
      capybara (~> 2.1)
      cliver (~> 0.3.1)
      multi_json (~> 1.0)
      websocket-driver (>= 0.2.0)
    pry (0.9.12.6)
      coderay (~> 1.0)
      method_source (~> 0.8)
      slop (~> 3.4)
    pry-byebug (1.3.2)
      byebug (~> 2.7)
      pry (~> 0.9.12)
    pry-rails (0.3.4)
      pry (>= 0.9.10)
    pry-rescue (1.4.1)
      interception (>= 0.5)
      pry
    pry-stack_explorer (0.4.9.2)
      binding_of_caller (>= 0.7)
      pry (>= 0.9.11)
    pry-syntax-hacks (0.0.6)
      pry (>= 0.9.8)
    puma (2.9.2)
      rack (>= 1.1, < 2.0)
    quiet_assets (1.0.3)
      railties (>= 3.1, < 5.0)
    rack (1.6.0)
    rack-test (0.6.3)
      rack (>= 1.0)
    rails (4.2.1)
      actionmailer (= 4.2.1)
      actionpack (= 4.2.1)
      actionview (= 4.2.1)
      activejob (= 4.2.1)
      activemodel (= 4.2.1)
      activerecord (= 4.2.1)
      activesupport (= 4.2.1)
      bundler (>= 1.3.0, < 2.0)
      railties (= 4.2.1)
      sprockets-rails
    rails-assets-eventEmitter (4.2.11)
    rails-assets-eventie (1.0.6)
    rails-assets-imagesloaded (3.1.8)
      rails-assets-eventEmitter (~> 4.0)
      rails-assets-eventie (>= 1.0.4, < 2)
    rails-assets-json3 (3.3.2)
    rails-assets-jspath (0.3.1)
    rails-assets-lodash-compat (3.0.1)
    rails-assets-matchHeight (0.5.2)
    rails-deprecated_sanitizer (1.0.3)
      activesupport (>= 4.2.0.alpha)
    rails-dom-testing (1.0.6)
      activesupport (>= 4.2.0.beta, < 5.0)
      nokogiri (~> 1.6.0)
      rails-deprecated_sanitizer (>= 1.0.1)
    rails-html-sanitizer (1.0.2)
      loofah (~> 2.0)
    rails-i18n (4.0.4)
      i18n (~> 0.6)
      railties (~> 4.0)
    railties (4.2.1)
      actionpack (= 4.2.1)
      activesupport (= 4.2.1)
      rake (>= 0.8.7)
      thor (>= 0.18.1, < 2.0)
    rake (10.4.2)
    request_store (1.1.0)
    roadie (3.0.4)
      css_parser (~> 1.3.4)
      nokogiri (~> 1.6.0)
    roadie-rails (1.0.5)
      railties (>= 3.0, < 4.3)
      roadie (~> 3.0)
    rspec-core (3.1.7)
      rspec-support (~> 3.1.0)
    rspec-expectations (3.1.2)
      diff-lcs (>= 1.2.0, < 2.0)
      rspec-support (~> 3.1.0)
    rspec-mocks (3.1.3)
      rspec-support (~> 3.1.0)
    rspec-rails (3.1.0)
      actionpack (>= 3.0)
      activesupport (>= 3.0)
      railties (>= 3.0)
      rspec-core (~> 3.1.0)
      rspec-expectations (~> 3.1.0)
      rspec-mocks (~> 3.1.0)
      rspec-support (~> 3.1.0)
    rspec-support (3.1.2)
    ruby-hmac (0.4.0)
    sass (3.4.13)
    sass-rails (5.0.2)
      railties (>= 4.0.0, < 5.0)
      sass (~> 3.1)
      sprockets (>= 2.8, < 4.0)
      sprockets-rails (>= 2.0, < 4.0)
      tilt (~> 1.1)
    simple_form (3.1.0)
      actionpack (~> 4.0)
      activemodel (~> 4.0)
    simplecov (0.9.2)
      docile (~> 1.1.0)
      multi_json (~> 1.0)
      simplecov-html (~> 0.9.0)
    simplecov-html (0.9.0)
    slim (3.0.3)
      temple (~> 0.7.3)
      tilt (>= 1.3.3, < 2.1)
    slop (3.6.0)
    sprockets (2.12.3)
      hike (~> 1.2)
      multi_json (~> 1.0)
      rack (~> 1.0)
      tilt (~> 1.1, != 1.3.0)
    sprockets-rails (2.2.4)
      actionpack (>= 3.0)
      activesupport (>= 3.0)
      sprockets (>= 2.8, < 4.0)
    sqlite3 (1.3.10)
    sshkit (1.7.1)
      colorize (>= 0.7.0)
      net-scp (>= 1.1.2)
      net-ssh (>= 2.8.0)
    temple (0.7.5)
    thor (0.19.1)
    thread_safe (0.3.5)
    tilt (1.4.1)
    turbolinks (2.5.3)
      coffee-rails
    tzinfo (1.2.2)
      thread_safe (~> 0.1)
    uglifier (2.5.3)
      execjs (>= 0.3.0)
      json (>= 1.8.0)
    unicode (0.4.4.2)
    uservoice-ruby (0.0.11)
      ezcrypto (>= 0.7.2)
      json (>= 1.7.5)
      oauth (>= 0.4.7)
    websocket-driver (0.5.4)
      websocket-extensions (>= 0.1.0)
    websocket-extensions (0.1.2)
    xpath (2.0.0)
      nokogiri (~> 1.3)

PLATFORMS
  ruby

DEPENDENCIES
  capistrano (~> 3.4.0)
  capistrano-bundler (~> 1.1.4)
  capistrano-rails (~> 1.1.2)
  capistrano-rvm (~> 0.1.2)
  capybara (~> 2.4.4)
  celsius!
  celsius-amazon!
  celsius-elasticsearch!
  celsius-primo!
  celsius-primo_ubpb!
  codeclimate-test-reporter (~> 0.4.5)
  database_cleaner (~> 1.3.0)
  dotenv-rails (~> 1.0.2)
  fahrenheit!
  fahrenheit-aleph!
  fahrenheit-aleph_ubpb!
  fahrenheit-loopback!
  hashie (>= 3.4.0)!
  katalog!
  letter_opener (~> 1.2.0)
  newrelic_rpm (>= 3.9)
  poltergeist (~> 1.5.1)
  pry (~> 0.9.12.6)
  pry-byebug (<= 1.3.2)
  pry-rails (~> 0.3.2)
  pry-rescue (~> 1.4.1)
  pry-stack_explorer (~> 0.4.9.1)
  pry-syntax-hacks (~> 0.0.6)
  puma (~> 2.9.0)
  quiet_assets (~> 1.0.3)
  rails-assets-imagesloaded (~> 3.1.8)!
  rails-assets-json3 (~> 3.3.2)!
  rails-assets-jspath (~> 0.3.0)!
  rails-assets-lodash-compat (~> 3.0.0)!
  rails-assets-matchHeight (~> 0.5.2)!
  rspec-rails (~> 3.1.0)
  servizio!
  simplecov (~> 0.9.1)
  skala!
  sqlite3 (~> 1.3.9)
