PATH
  remote: vendor/gems/skala
  specs:
    skala (1.2.0)
      aleph_api (>= 0.3.0)
      bcrypt (>= 3.1)
      bibtex-ruby (~> 4.0)
      elasticsearch (~> 1.0)
      hashie (~> 3.4)
      mighty_tap (~> 0.5)
      ox (~> 2.2)
      rails (>= 4.2, < 5.2)
      servizio (~> 0.4)
      transformator (~> 1.0)
      virtus (~> 1.0)
      weak_xml (~> 0.3)

GEM
  remote: https://rubygems.org/
  remote: https://rails-assets.org/
  specs:
    actioncable (5.1.6)
      actionpack (= 5.1.6)
      nio4r (~> 2.0)
      websocket-driver (~> 0.6.1)
    actionmailer (5.1.6)
      actionpack (= 5.1.6)
      actionview (= 5.1.6)
      activejob (= 5.1.6)
      mail (~> 2.5, >= 2.5.4)
      rails-dom-testing (~> 2.0)
    actionpack (5.1.6)
      actionview (= 5.1.6)
      activesupport (= 5.1.6)
      rack (~> 2.0)
      rack-test (>= 0.6.3)
      rails-dom-testing (~> 2.0)
      rails-html-sanitizer (~> 1.0, >= 1.0.2)
    actionview (5.1.6)
      activesupport (= 5.1.6)
      builder (~> 3.1)
      erubi (~> 1.4)
      rails-dom-testing (~> 2.0)
      rails-html-sanitizer (~> 1.0, >= 1.0.3)
    activejob (5.1.6)
      activesupport (= 5.1.6)
      globalid (>= 0.3.6)
    activemodel (5.1.6)
      activesupport (= 5.1.6)
    activerecord (5.1.6)
      activemodel (= 5.1.6)
      activesupport (= 5.1.6)
      arel (~> 8.0)
    activesupport (5.1.6)
      concurrent-ruby (~> 1.0, >= 1.0.2)
      i18n (>= 0.7, < 2)
      minitest (~> 5.1)
      tzinfo (~> 1.1)
    addressable (2.5.2)
      public_suffix (>= 2.0.2, < 4.0)
    airbrussh (1.3.0)
      sshkit (>= 1.6.1, != 1.7.0)
    aleph_api (0.3.0)
      activesupport
      faraday
    arel (8.0.0)
    autoprefixer-rails (6.4.1.1)
      execjs
    axiom-types (0.1.1)
      descendants_tracker (~> 0.0.4)
      ice_nine (~> 0.11.0)
      thread_safe (~> 0.3, >= 0.3.1)
    bcrypt (3.1.12)
    bibtex-ruby (4.4.6)
      latex-decode (~> 0.0)
    bindex (0.5.0)
    bootstrap-sass (3.3.7)
      autoprefixer-rails (>= 5.2.1)
      sass (>= 3.3.4)
    browser (2.2.0)
    builder (3.2.3)
    byebug (9.1.0)
    cancancan (1.17.0)
    capistrano (3.9.1)
      airbrussh (>= 1.0.0)
      i18n
      rake (>= 10.0.0)
      sshkit (>= 1.9.0)
    capistrano-bundler (1.3.0)
      capistrano (~> 3.1)
      sshkit (~> 1.2)
    capistrano-rails (1.3.1)
      capistrano (~> 3.1)
      capistrano-bundler (~> 1.1)
    capistrano-rvm (0.1.2)
      capistrano (~> 3.0)
      sshkit (~> 1.2)
    coderay (1.1.2)
    coercible (1.0.0)
      descendants_tracker (~> 0.0.1)
    coffee-rails (4.2.2)
      coffee-script (>= 2.2.0)
      railties (>= 4.0.0)
    coffee-script (2.4.1)
      coffee-script-source
      execjs
    coffee-script-source (1.12.2)
    concurrent-ruby (1.0.5)
    crass (1.0.4)
    css_parser (1.6.0)
      addressable
    descendants_tracker (0.0.4)
      thread_safe (~> 0.3, >= 0.3.1)
    dotenv (2.2.1)
    dotenv-rails (2.2.1)
      dotenv (= 2.2.1)
      railties (>= 3.2, < 5.2)
    elasticsearch (1.1.3)
      elasticsearch-api (= 1.1.3)
      elasticsearch-transport (= 1.1.3)
    elasticsearch-api (1.1.3)
      multi_json
    elasticsearch-transport (1.1.3)
      faraday
      multi_json
    equalizer (0.0.11)
    erubi (1.7.1)
    execjs (2.7.0)
    ezcrypto (0.7.2)
    faraday (0.15.2)
      multipart-post (>= 1.2, < 3)
    ffi (1.9.18)
    font-awesome-rails (4.7.0.3)
      railties (>= 3.2, < 5.2)
    globalid (0.4.1)
      activesupport (>= 4.2.0)
    hashie (3.5.7)
    htmlentities (4.3.4)
    i18n (0.9.5)
      concurrent-ruby (~> 1.0)
    i18n-backend-advanced (0.1.3)
      i18n
    i18n-js (3.0.3)
      i18n (~> 0.6, >= 0.6.6)
    ice_nine (0.11.2)
    jbuilder (2.7.0)
      activesupport (>= 4.2.0)
      multi_json (>= 1.2)
    jquery-rails (4.1.1)
      rails-dom-testing (>= 1, < 3)
      railties (>= 4.2.0)
      thor (>= 0.14, < 2.0)
    jquery-tablesorter (1.24.2)
      railties (>= 3.2, < 6)
    jquery-turbolinks (2.1.0)
      railties (>= 3.1.0)
      turbolinks
    jquery-ui-rails (5.0.5)
      railties (>= 3.2.16)
    json (2.1.0)
    latex-decode (0.3.1)
    launchy (2.4.3)
      addressable (~> 2.3)
    letter_opener (1.4.1)
      launchy (~> 2.2)
    libv8 (3.16.14.19)
    libxml-ruby (2.9.0)
    listen (3.1.5)
      rb-fsevent (~> 0.9, >= 0.9.4)
      rb-inotify (~> 0.9, >= 0.9.7)
      ruby_dep (~> 1.2)
    loofah (2.2.2)
      crass (~> 1.0.2)
      nokogiri (>= 1.5.9)
    mail (2.7.0)
      mini_mime (>= 0.1.1)
    method_source (0.9.0)
    mighty_tap (0.5.0)
    mini_mime (1.0.0)
    mini_portile2 (2.3.0)
    minitest (5.11.3)
    multi_json (1.13.1)
    multipart-post (2.0.0)
    mysql2 (0.4.10)
    net-scp (1.2.1)
      net-ssh (>= 2.6.5)
    net-ssh (4.2.0)
    newrelic_rpm (4.7.1.340)
    nio4r (2.3.1)
    nokogiri (1.8.3)
      mini_portile2 (~> 2.3.0)
    oauth (0.5.4)
    ox (2.8.4)
    pry (0.11.3)
      coderay (~> 1.1.0)
      method_source (~> 0.9.0)
    pry-byebug (3.5.1)
      byebug (~> 9.1)
      pry (~> 0.10)
    pry-rails (0.3.6)
      pry (>= 0.10.4)
    public_suffix (3.0.1)
    puma (3.11.0)
    rack (2.0.5)
    rack-test (1.0.0)
      rack (>= 1.0, < 3)
    rails (5.1.6)
      actioncable (= 5.1.6)
      actionmailer (= 5.1.6)
      actionpack (= 5.1.6)
      actionview (= 5.1.6)
      activejob (= 5.1.6)
      activemodel (= 5.1.6)
      activerecord (= 5.1.6)
      activesupport (= 5.1.6)
      bundler (>= 1.3.0)
      railties (= 5.1.6)
      sprockets-rails (>= 2.0.0)
    rails-assets-animate.css (3.4.0)
    rails-assets-eventEmitter (4.3.0)
    rails-assets-eventie (1.0.6)
    rails-assets-imagesloaded (3.2.0)
      rails-assets-eventEmitter (>= 4.2, < 5.0)
      rails-assets-eventie (~> 1.0.4)
    rails-assets-jaubourg--jquery-jsonp (2.4.0)
    rails-assets-lodash (3.10.1)
    rails-assets-matchHeight (0.7.2)
    rails-assets-ractive (0.7.3)
    rails-assets-ractive-events-keys (0.2.1)
    rails-assets-relayfoods-jquery.sparkline (2.1.4)
    rails-assets-urijs (1.16.1)
    rails-dom-testing (2.0.3)
      activesupport (>= 4.2.0)
      nokogiri (>= 1.6)
    rails-html-sanitizer (1.0.4)
      loofah (~> 2.2, >= 2.2.2)
    rails-i18n (5.0.4)
      i18n (~> 0.7)
      railties (~> 5.0)
    railties (5.1.6)
      actionpack (= 5.1.6)
      activesupport (= 5.1.6)
      method_source
      rake (>= 0.8.7)
      thor (>= 0.18.1, < 2.0)
    rake (12.3.1)
    rb-fsevent (0.10.2)
    rb-inotify (0.9.10)
      ffi (>= 0.5.0, < 2)
    ref (2.0.0)
    rinku (2.0.4)
    roadie (3.2.2)
      css_parser (~> 1.4)
      nokogiri (~> 1.5)
    roadie-rails (1.2.1)
      railties (>= 3.0, < 5.2)
      roadie (~> 3.1)
    ruby_dep (1.5.0)
    sass (3.5.5)
      sass-listen (~> 4.0.0)
    sass-listen (4.0.0)
      rb-fsevent (~> 0.9, >= 0.9.4)
      rb-inotify (~> 0.9, >= 0.9.7)
    sass-rails (5.0.7)
      railties (>= 4.0.0, < 6)
      sass (~> 3.1)
      sprockets (>= 2.8, < 4.0)
      sprockets-rails (>= 2.0, < 4.0)
      tilt (>= 1.1, < 3)
    servizio (0.6.0)
      activemodel (>= 4.0.0)
    simple_form (3.5.0)
      actionpack (> 4, < 5.2)
      activemodel (> 4, < 5.2)
    slim (3.0.9)
      temple (>= 0.7.6, < 0.9)
      tilt (>= 1.3.3, < 2.1)
    sprockets (3.7.2)
      concurrent-ruby (~> 1.0)
      rack (> 1, < 3)
    sprockets-rails (3.2.1)
      actionpack (>= 4.0)
      activesupport (>= 4.0)
      sprockets (>= 3.0.0)
    sqlite3 (1.3.13)
    sshkit (1.15.1)
      net-scp (>= 1.1.2)
      net-ssh (>= 2.8.0)
    temple (0.8.0)
    therubyracer (0.12.3)
      libv8 (~> 3.16.14.15)
      ref
    thor (0.20.0)
    thread_safe (0.3.6)
    tilt (2.0.8)
    transformator (1.0.1)
      activesupport
    turbolinks (2.5.4)
      coffee-rails
    tzinfo (1.2.5)
      thread_safe (~> 0.1)
    uglifier (3.2.0)
      execjs (>= 0.3.0, < 3)
    uservoice-ruby (0.0.11)
      ezcrypto (>= 0.7.2)
      json (>= 1.7.5)
      oauth (>= 0.4.7)
    virtus (1.0.5)
      axiom-types (~> 0.1)
      coercible (~> 1.0)
      descendants_tracker (~> 0.0, >= 0.0.3)
      equalizer (~> 0.0, >= 0.0.9)
    weak_xml (0.3.1)
    web-console (3.5.1)
      actionview (>= 5.0)
      activemodel (>= 5.0)
      bindex (>= 0.4.0)
      railties (>= 5.0)
    websocket-driver (0.6.5)
      websocket-extensions (>= 0.1.0)
    websocket-extensions (0.1.3)

PLATFORMS
  ruby

DEPENDENCIES
  autoprefixer-rails (~> 6.4.1)
  bibtex-ruby (~> 4.4.2)
  bootstrap-sass (~> 3.3.7)
  browser (~> 2.2.0)
  cancancan (~> 1.15)
  capistrano (~> 3.9.1)
  capistrano-bundler (~> 1.3.0)
  capistrano-rails (~> 1.3.0)
  capistrano-rvm (~> 0.1.2)
  coffee-rails (~> 4.2.1)
  dotenv-rails (~> 2.2.1)
  font-awesome-rails (~> 4.7.0)
  htmlentities (~> 4.3.4)
  i18n-backend-advanced (~> 0.1.3)
  i18n-js (>= 3.0.0.rc13)
  jbuilder (~> 2.6)
  jquery-rails (~> 4.1.1)
  jquery-tablesorter (~> 1.21)
  jquery-turbolinks (~> 2.1.0)
  jquery-ui-rails (~> 5.0.5)
  letter_opener (~> 1.4.1)
  libxml-ruby (~> 2.9)
  listen (>= 3.0.5, < 3.2)
  mysql2 (~> 0.4.4)
  newrelic_rpm (>= 4.5.0)
  ox (~> 2.8.1)
  pry-byebug (>= 3.5.0)
  pry-rails (>= 0.3.6)
  puma (>= 3.11)
  rails (~> 5.1.0)
  rails-assets-animate.css (~> 3.4.0)!
  rails-assets-imagesloaded (~> 3.2.0)!
  rails-assets-jaubourg--jquery-jsonp (~> 2.4.0)!
  rails-assets-lodash (~> 3.0)!
  rails-assets-matchHeight (~> 0.5)!
  rails-assets-ractive (~> 0.7.3)!
  rails-assets-ractive-events-keys (~> 0.2.1)!
  rails-assets-relayfoods-jquery.sparkline (~> 2.1.4)!
  rails-assets-urijs (~> 1.16.1)!
  rails-html-sanitizer (~> 1.0.4)
  rails-i18n (~> 5.0.0)
  rinku (~> 2.0.0)
  roadie-rails (~> 1.2.1)
  sass-rails (~> 5.0.6)
  simple_form (~> 3.5.0)
  skala (~> 1.2.0)!
  slim (~> 3.0.7)
  sqlite3 (~> 1.3)
  therubyracer (>= 0.12.3)
  turbolinks (~> 2.5.3)
  uglifier (~> 3.0)
  uservoice-ruby (~> 0.0.11)
  web-console (>= 3.3.0)

BUNDLED WITH
   1.16.2
