GIT
  remote: git://github.com/ubpb/skala.git
  revision: f17759c0b94991d833fd7c9c2a147fbb74499963
  branch: master
  specs:
    skala (1.1.5)
      aleph_api (>= 0.3.0)
      bcrypt (>= 3.1)
      bibtex-ruby (~> 4.0)
      elasticsearch (~> 1.0)
      hashie (~> 3.4)
      mighty_tap (~> 0.5)
      ox (~> 2.2)
      rails (>= 4.2, < 5.1)
      servizio (~> 0.4)
      transformator (~> 1.0)
      virtus (~> 1.0)
      weak_xml (~> 0.3)

GEM
  remote: https://rubygems.org/
  remote: https://rails-assets.org/
  specs:
    actioncable (5.0.2)
      actionpack (= 5.0.2)
      nio4r (>= 1.2, < 3.0)
      websocket-driver (~> 0.6.1)
    actionmailer (5.0.2)
      actionpack (= 5.0.2)
      actionview (= 5.0.2)
      activejob (= 5.0.2)
      mail (~> 2.5, >= 2.5.4)
      rails-dom-testing (~> 2.0)
    actionpack (5.0.2)
      actionview (= 5.0.2)
      activesupport (= 5.0.2)
      rack (~> 2.0)
      rack-test (~> 0.6.3)
      rails-dom-testing (~> 2.0)
      rails-html-sanitizer (~> 1.0, >= 1.0.2)
    actionview (5.0.2)
      activesupport (= 5.0.2)
      builder (~> 3.1)
      erubis (~> 2.7.0)
      rails-dom-testing (~> 2.0)
      rails-html-sanitizer (~> 1.0, >= 1.0.3)
    activejob (5.0.2)
      activesupport (= 5.0.2)
      globalid (>= 0.3.6)
    activemodel (5.0.2)
      activesupport (= 5.0.2)
    activerecord (5.0.2)
      activemodel (= 5.0.2)
      activesupport (= 5.0.2)
      arel (~> 7.0)
    activesupport (5.0.2)
      concurrent-ruby (~> 1.0, >= 1.0.2)
      i18n (~> 0.7)
      minitest (~> 5.1)
      tzinfo (~> 1.1)
    addressable (2.5.1)
      public_suffix (~> 2.0, >= 2.0.2)
    airbrussh (1.1.2)
      sshkit (>= 1.6.1, != 1.7.0)
    aleph_api (0.3.0)
      activesupport
      faraday
    arel (7.1.4)
    autoprefixer-rails (6.4.1.1)
      execjs
    axiom-types (0.1.1)
      descendants_tracker (~> 0.0.4)
      ice_nine (~> 0.11.0)
      thread_safe (~> 0.3, >= 0.3.1)
    bcrypt (3.1.11)
    bibtex-ruby (4.4.3)
      latex-decode (~> 0.0)
    bootstrap-sass (3.3.7)
      autoprefixer-rails (>= 5.2.1)
      sass (>= 3.3.4)
    browser (2.2.0)
    builder (3.2.3)
    byebug (9.0.6)
    cancancan (1.16.0)
    capistrano (3.6.1)
      airbrussh (>= 1.0.0)
      capistrano-harrow
      i18n
      rake (>= 10.0.0)
      sshkit (>= 1.9.0)
    capistrano-bundler (1.1.4)
      capistrano (~> 3.1)
      sshkit (~> 1.2)
    capistrano-harrow (0.5.3)
    capistrano-rails (1.1.8)
      capistrano (~> 3.1)
      capistrano-bundler (~> 1.1)
    capistrano-rvm (0.1.2)
      capistrano (~> 3.0)
      sshkit (~> 1.2)
    capybara (2.13.0)
      addressable
      mime-types (>= 1.16)
      nokogiri (>= 1.3.3)
      rack (>= 1.0.0)
      rack-test (>= 0.5.4)
      xpath (~> 2.0)
    cliver (0.3.2)
    codeclimate-test-reporter (0.6.0)
      simplecov (>= 0.7.1, < 1.0.0)
    coderay (1.1.1)
    coercible (1.0.0)
      descendants_tracker (~> 0.0.1)
    coffee-rails (4.2.1)
      coffee-script (>= 2.2.0)
      railties (>= 4.0.0, < 5.2.x)
    coffee-script (2.4.1)
      coffee-script-source
      execjs
    coffee-script-source (1.12.2)
    concurrent-ruby (1.0.5)
    css_parser (1.4.10)
      addressable
    database_cleaner (1.5.3)
    descendants_tracker (0.0.4)
      thread_safe (~> 0.3, >= 0.3.1)
    diff-lcs (1.3)
    docile (1.1.5)
    dotenv (2.1.2)
    dotenv-rails (2.1.2)
      dotenv (= 2.1.2)
      railties (>= 3.2, < 5.1)
    elasticsearch (1.1.2)
      elasticsearch-api (= 1.1.2)
      elasticsearch-transport (= 1.1.2)
    elasticsearch-api (1.1.2)
      multi_json
    elasticsearch-transport (1.1.2)
      faraday
      multi_json
    equalizer (0.0.11)
    erubis (2.7.0)
    execjs (2.7.0)
    ezcrypto (0.7.2)
    faraday (0.12.0.1)
      multipart-post (>= 1.2, < 3)
    font-awesome-rails (4.6.3.1)
      railties (>= 3.2, < 5.1)
    globalid (0.3.7)
      activesupport (>= 4.1.0)
    hashie (3.5.5)
    htmlentities (4.3.4)
    i18n (0.8.1)
    i18n-backend-advanced (0.1.3)
      i18n
    i18n-js (3.0.0.rc16)
      i18n (~> 0.6, >= 0.6.6)
    ice_nine (0.11.2)
    interception (0.5)
    jbuilder (2.6.3)
      activesupport (>= 3.0.0, < 5.2)
      multi_json (~> 1.2)
    jquery-rails (4.1.1)
      rails-dom-testing (>= 1, < 3)
      railties (>= 4.2.0)
      thor (>= 0.14, < 2.0)
    jquery-tablesorter (1.23.5)
      railties (>= 3.2, < 6)
    jquery-turbolinks (2.1.0)
      railties (>= 3.1.0)
      turbolinks
    jquery-ui-rails (5.0.5)
      railties (>= 3.2.16)
    json (2.0.3)
    latex-decode (0.2.2)
      unicode (~> 0.4)
    launchy (2.4.3)
      addressable (~> 2.3)
    letter_opener (1.4.1)
      launchy (~> 2.2)
    libxml-ruby (2.9.0)
    loofah (2.0.3)
      nokogiri (>= 1.5.9)
    mail (2.6.4)
      mime-types (>= 1.16, < 4)
    method_source (0.8.2)
    mighty_tap (0.5.0)
    mime-types (3.1)
      mime-types-data (~> 3.2015)
    mime-types-data (3.2016.0521)
    mini_portile2 (2.1.0)
    minitest (5.10.1)
    multi_json (1.12.1)
    multipart-post (2.0.0)
    mysql2 (0.4.5)
    net-scp (1.2.1)
      net-ssh (>= 2.6.5)
    net-ssh (4.1.0)
    newrelic_rpm (4.0.0.332)
    nio4r (2.0.0)
    nokogiri (1.7.1)
      mini_portile2 (~> 2.1.0)
    oauth (0.5.1)
    ox (2.4.11)
    poltergeist (1.14.0)
      capybara (~> 2.1)
      cliver (~> 0.3.1)
      websocket-driver (>= 0.2.0)
    pry (0.10.4)
      coderay (~> 1.1.0)
      method_source (~> 0.8.1)
      slop (~> 3.4)
    pry-byebug (3.4.2)
      byebug (~> 9.0)
      pry (~> 0.10)
    pry-rails (0.3.6)
      pry (>= 0.10.4)
    pry-rescue (1.4.5)
      interception (>= 0.5)
      pry
    pry-state (0.1.8)
      pry (>= 0.9.10, < 0.11.0)
    public_suffix (2.0.5)
    puma (3.8.2)
    rack (2.0.1)
    rack-test (0.6.3)
      rack (>= 1.0)
    rails (5.0.2)
      actioncable (= 5.0.2)
      actionmailer (= 5.0.2)
      actionpack (= 5.0.2)
      actionview (= 5.0.2)
      activejob (= 5.0.2)
      activemodel (= 5.0.2)
      activerecord (= 5.0.2)
      activesupport (= 5.0.2)
      bundler (>= 1.3.0, < 2.0)
      railties (= 5.0.2)
      sprockets-rails (>= 2.0.0)
    rails-assets-animate.css (3.4.0)
    rails-assets-eventEmitter (4.3.0)
    rails-assets-eventie (1.0.6)
    rails-assets-imagesloaded (3.2.0)
      rails-assets-eventEmitter (>= 4.2, < 5.0)
      rails-assets-eventie (~> 1.0.4)
    rails-assets-jaubourg--jquery-jsonp (2.4.0)
    rails-assets-lodash (3.10.1)
    rails-assets-matchHeight (0.7.2)
    rails-assets-ractive (0.7.3)
    rails-assets-ractive-events-keys (0.2.1)
    rails-assets-relayfoods-jquery.sparkline (2.1.4)
    rails-assets-urijs (1.16.1)
    rails-dom-testing (2.0.2)
      activesupport (>= 4.2.0, < 6.0)
      nokogiri (~> 1.6)
    rails-html-sanitizer (1.0.3)
      loofah (~> 2.0)
    rails-i18n (5.0.3)
      i18n (~> 0.7)
      railties (~> 5.0)
    railties (5.0.2)
      actionpack (= 5.0.2)
      activesupport (= 5.0.2)
      method_source
      rake (>= 0.8.7)
      thor (>= 0.18.1, < 2.0)
    rake (12.0.0)
    rinku (2.0.2)
    roadie (3.2.1)
      css_parser (~> 1.4.5)
      nokogiri (>= 1.5.0, < 1.8.0)
    roadie-rails (1.1.1)
      railties (>= 3.0, < 5.1)
      roadie (~> 3.1)
    rspec-core (3.5.4)
      rspec-support (~> 3.5.0)
    rspec-expectations (3.5.0)
      diff-lcs (>= 1.2.0, < 2.0)
      rspec-support (~> 3.5.0)
    rspec-mocks (3.5.0)
      diff-lcs (>= 1.2.0, < 2.0)
      rspec-support (~> 3.5.0)
    rspec-rails (3.5.2)
      actionpack (>= 3.0)
      activesupport (>= 3.0)
      railties (>= 3.0)
      rspec-core (~> 3.5.0)
      rspec-expectations (~> 3.5.0)
      rspec-mocks (~> 3.5.0)
      rspec-support (~> 3.5.0)
    rspec-support (3.5.0)
    sass (3.4.23)
    sass-rails (5.0.6)
      railties (>= 4.0.0, < 6)
      sass (~> 3.1)
      sprockets (>= 2.8, < 4.0)
      sprockets-rails (>= 2.0, < 4.0)
      tilt (>= 1.1, < 3)
    servizio (0.6.0)
      activemodel (>= 4.0.0)
    simple_form (3.2.1)
      actionpack (> 4, < 5.1)
      activemodel (> 4, < 5.1)
    simplecov (0.14.1)
      docile (~> 1.1.0)
      json (>= 1.8, < 3)
      simplecov-html (~> 0.10.0)
    simplecov-html (0.10.0)
    slim (3.0.7)
      temple (~> 0.7.6)
      tilt (>= 1.3.3, < 2.1)
    slop (3.6.0)
    sprockets (3.7.1)
      concurrent-ruby (~> 1.0)
      rack (> 1, < 3)
    sprockets-rails (3.2.0)
      actionpack (>= 4.0)
      activesupport (>= 4.0)
      sprockets (>= 3.0.0)
    sqlite3 (1.3.13)
    sshkit (1.13.0)
      net-scp (>= 1.1.2)
      net-ssh (>= 2.8.0)
    temple (0.7.7)
    thor (0.19.4)
    thread_safe (0.3.6)
    tilt (2.0.7)
    transformator (1.0.1)
      activesupport
    turbolinks (2.5.3)
      coffee-rails
    tzinfo (1.2.3)
      thread_safe (~> 0.1)
    uglifier (3.1.11)
      execjs (>= 0.3.0, < 3)
    unicode (0.4.4.4)
    uservoice-ruby (0.0.11)
      ezcrypto (>= 0.7.2)
      json (>= 1.7.5)
      oauth (>= 0.4.7)
    virtus (1.0.5)
      axiom-types (~> 0.1)
      coercible (~> 1.0)
      descendants_tracker (~> 0.0, >= 0.0.3)
      equalizer (~> 0.0, >= 0.0.9)
    weak_xml (0.3.1)
    websocket-driver (0.6.5)
      websocket-extensions (>= 0.1.0)
    websocket-extensions (0.1.2)
    xpath (2.0.0)
      nokogiri (~> 1.3)

PLATFORMS
  ruby

DEPENDENCIES
  autoprefixer-rails (~> 6.4.1)
  bibtex-ruby (~> 4.4.2)
  bootstrap-sass (~> 3.3.7)
  browser (~> 2.2.0)
  cancancan (~> 1.15)
  capistrano (~> 3.6.0)
  capistrano-bundler (~> 1.1.4)
  capistrano-rails (~> 1.1.7)
  capistrano-rvm (~> 0.1.2)
  capybara (~> 2.7)
  codeclimate-test-reporter (~> 0.6)
  coffee-rails (~> 4.2.1)
  database_cleaner (~> 1.5)
  dotenv-rails (~> 2.1.1)
  font-awesome-rails (~> 4.6.3)
  htmlentities (~> 4.3.4)
  i18n-backend-advanced (~> 0.1.3)
  i18n-js (>= 3.0.0.rc13)
  jbuilder (~> 2.6)
  jquery-rails (~> 4.1.1)
  jquery-tablesorter (~> 1.21)
  jquery-turbolinks (~> 2.1.0)
  jquery-ui-rails (~> 5.0.5)
  letter_opener (~> 1.4.1)
  libxml-ruby (~> 2.9)
  mysql2 (~> 0.4.4)
  newrelic_rpm (>= 3.16)
  ox (~> 2.4.3)
  poltergeist (~> 1.10)
  pry (~> 0.10.3)
  pry-byebug (~> 3.4.0)
  pry-rails (~> 0.3.4)
  pry-rescue (~> 1.4.4)
  pry-state (~> 0.1.7)
  puma (~> 3.6)
  rails (~> 5.0.0)
  rails-assets-animate.css (~> 3.4.0)!
  rails-assets-imagesloaded (~> 3.2.0)!
  rails-assets-jaubourg--jquery-jsonp (~> 2.4.0)!
  rails-assets-lodash (~> 3.0)!
  rails-assets-matchHeight (~> 0.5)!
  rails-assets-ractive (~> 0.7.3)!
  rails-assets-ractive-events-keys (~> 0.2.1)!
  rails-assets-relayfoods-jquery.sparkline (~> 2.1.4)!
  rails-assets-urijs (~> 1.16.1)!
  rails-html-sanitizer (~> 1.0.3)
  rails-i18n (~> 5.0.0)
  rinku (~> 2.0.0)
  roadie-rails (~> 1.1.1)
  rspec-rails (~> 3.5)
  sass-rails (~> 5.0.6)
  servizio (~> 0.6)
  simple_form (~> 3.2.1)
  simplecov (~> 0.12)
  skala (~> 1.1.5)!
  slim (~> 3.0.7)
  sqlite3 (~> 1.3)
  turbolinks (~> 2.5.3)
  uglifier (~> 3.0)
  uservoice-ruby (~> 0.0.11)

BUNDLED WITH
   1.14.6
